PATH
  remote: .
  specs:
    api_wrapper (0.0.0)
      typhoeus (~> 0.6.1)

GEM
  remote: https://rubygems.org/
  specs:
    coderay (1.0.9)
    diff-lcs (1.1.3)
    ethon (0.5.9)
      ffi (~> 1.2.0)
      mime-types (~> 1.18)
    ffi (1.2.1)
    method_source (0.8.1)
    mime-types (1.21)
    pry (0.9.12)
      coderay (~> 1.0.5)
      method_source (~> 0.8)
      slop (~> 3.4)
    rspec (2.12.0)
      rspec-core (~> 2.12.0)
      rspec-expectations (~> 2.12.0)
      rspec-mocks (~> 2.12.0)
    rspec-core (2.12.2)
    rspec-expectations (2.12.1)
      diff-lcs (~> 1.1.3)
    rspec-mocks (2.12.2)
    slop (3.4.4)
    typhoeus (0.6.1)
      ethon (~> 0.5.9)

PLATFORMS
  ruby

DEPENDENCIES
  api_wrapper!
  pry
  rspec
  typhoeus
